GEM
  remote: https://rubygems.org/
  specs:
    sqlite3 (1.3.7)
    thor (0.16.0)

PLATFORMS
  ruby

DEPENDENCIES
  sqlite3
  thor
